GIT
  remote: http://github.com/joshk/docker-api
  revision: 24724cb2de32950a0f3eae5b136df1149a1d487e
  specs:
    docker-api (1.3.0)
      archive-tar-minitar
      excon (>= 0.22.0)
      json

GIT
  remote: http://github.com/travis-ci/fog
  revision: 34e03180370abdd61903bbc5cb3564e54bd1eec1
  specs:
    fog (1.10.1)
      builder
      excon (~> 0.20)
      formatador (~> 0.2.0)
      json (~> 1.7)
      mime-types
      net-scp (~> 1.1)
      net-ssh (>= 2.1.3)
      nokogiri (~> 1.5.0)
      ruby-hmac

GIT
  remote: https://github.com/celluloid/celluloid
  revision: 8a8d92582b01c7347ef1b90e9c89189afbed7786
  ref: 8a8d925
  specs:
    celluloid (0.15.0.pre)
      timers (>= 1.0.0)

GIT
  remote: https://github.com/joshk/sshjr
  revision: 35c2fdf006295a1d2c1da77b81f39ac5deb89e9e
  specs:
    sshjr (0.1.0)

GIT
  remote: https://github.com/travis-ci/travis-build
  revision: 458063e663c99c20b06713635f3432d828e43592
  specs:
    travis-build (0.0.1)

GIT
  remote: https://github.com/travis-ci/travis-support
  revision: 6b02f442b2c7a1510f7fe9940f4a0a78c15e4437
  ref: sf-te
  specs:
    travis-support (0.0.1)

GEM
  remote: https://rubygems.org/
  specs:
    activesupport (3.2.15)
      i18n (~> 0.6, >= 0.6.4)
      multi_json (~> 1.0)
    addressable (2.3.5)
    archive-tar-minitar (0.5.2)
    atomic (1.1.14-java)
    avl_tree (1.1.3)
    bouncy-castle-java (1.5.0147)
    builder (3.2.2)
    diff-lcs (1.2.4)
    excon (0.25.3)
    faraday (0.7.6)
      addressable (~> 2.2)
      multipart-post (~> 1.1)
      rack (~> 1.1)
    faraday_middleware (0.9.0)
      faraday (>= 0.7.4, < 0.9)
    formatador (0.2.4)
    hashr (0.0.22)
    hitimes (1.2.1-java)
    i18n (0.6.5)
    jruby-openssl (0.8.10)
      bouncy-castle-java (>= 1.5.0147)
    json (1.8.1-java)
    march_hare (2.0.0-java)
    metaclass (0.0.1)
    metriks (0.9.9.5)
      atomic (~> 1.0)
      avl_tree (~> 1.1.2)
      hitimes (~> 1.1)
    mime-types (2.0)
    mocha (0.11.4)
      metaclass (~> 0.0.1)
    multi_json (1.2.0)
    multipart-post (1.2.0)
    net-scp (1.1.2)
      net-ssh (>= 2.6.5)
    net-ssh (2.6.8)
    nokogiri (1.5.10-java)
    rack (1.5.2)
    rake (0.9.6)
    rspec (2.14.1)
      rspec-core (~> 2.14.0)
      rspec-expectations (~> 2.14.0)
      rspec-mocks (~> 2.14.0)
    rspec-core (2.14.7)
    rspec-expectations (2.14.3)
      diff-lcs (>= 1.1.3, < 2.0)
    rspec-mocks (2.14.4)
    ruby-hmac (0.4.0)
    simplecov (0.7.1)
      multi_json (~> 1.0)
      simplecov-html (~> 0.7.1)
    simplecov-html (0.7.1)
    thor (0.14.6)
    timers (1.1.0)
    travis-saucelabs-api (0.0.2)
      faraday (~> 0.7)
      faraday_middleware (~> 0.9)
      thor (~> 0.14)

PLATFORMS
  java

DEPENDENCIES
  activesupport
  celluloid!
  docker-api!
  excon (~> 0.25.1)
  faraday (~> 0.7.5)
  fog!
  hashr (~> 0.0.18)
  jruby-openssl (~> 0.8.0)
  json
  march_hare (~> 2.0.0)
  metriks
  mocha (~> 0.11.0)
  multi_json (~> 1.2.0)
  net-ssh (~> 2.6.8)
  rake (~> 0.9.2)
  rspec
  simplecov (>= 0.4.0)
  sshjr!
  thor (~> 0.14.6)
  travis-build!
  travis-saucelabs-api (~> 0.0)
  travis-support!
